NUGET
  remote: https://www.nuget.org/api/v2
    FAKE (4.46.1)
    FSharp.Core (4.0.0.1)
    WPtoolkit (4.2013.8.16) - framework: wpv8.0
    Xamarin.Android.FSharp.ResourceProvider (1.0.0.13)
    Xamarin.Android.Support.Animated.Vector.Drawable (23.3) - framework: monoandroid
      Xamarin.Android.Support.v4 (23.3)
      Xamarin.Android.Support.Vector.Drawable (23.3)
    Xamarin.Android.Support.Design (23.3) - framework: monoandroid
      Xamarin.Android.Support.v4 (23.3)
      Xamarin.Android.Support.v7.AppCompat (23.3)
      Xamarin.Android.Support.v7.RecyclerView (23.3)
    Xamarin.Android.Support.v4 (23.3) - framework: monoandroid
    Xamarin.Android.Support.v7.AppCompat (23.3) - framework: monoandroid
      Xamarin.Android.Support.Animated.Vector.Drawable (23.3)
      Xamarin.Android.Support.v4 (23.3)
      Xamarin.Android.Support.Vector.Drawable (23.3)
    Xamarin.Android.Support.v7.CardView (23.3) - framework: monoandroid
    Xamarin.Android.Support.v7.MediaRouter (23.3) - framework: monoandroid
      Xamarin.Android.Support.v4 (23.3)
      Xamarin.Android.Support.v7.AppCompat (23.3)
    Xamarin.Android.Support.v7.RecyclerView (23.3) - framework: monoandroid
      Xamarin.Android.Support.v4 (23.3)
    Xamarin.Android.Support.Vector.Drawable (23.3) - framework: monoandroid
      Xamarin.Android.Support.v4 (23.3)
    Xamarin.Forms (2.3.3.175)
      WPtoolkit (>= 4.2013.8.16) - framework: wpv8.0
      Xamarin.Android.Support.Design (23.3) - framework: monoandroid
      Xamarin.Android.Support.v4 (23.3) - framework: monoandroid
      Xamarin.Android.Support.v7.AppCompat (23.3) - framework: monoandroid
      Xamarin.Android.Support.v7.CardView (23.3) - framework: monoandroid
      Xamarin.Android.Support.v7.MediaRouter (23.3) - framework: monoandroid
